GEM
  remote: https://rubygems.org/
  specs:
    kgio (2.7.4)
    pg (0.15.1)
    rack (1.3.10)
    raindrops (0.10.0)
    unicorn (4.3.1)
      kgio (~> 2.6)
      rack
      raindrops (~> 0.7)

PLATFORMS
  ruby

DEPENDENCIES
  pg
  rack
  unicorn
